GIT
  remote: git://github.com/fxn/sdoc.git
  revision: 9977ca4ecf83a76d637861f79319b11830d51de5
  specs:
    sdoc (0.3.19)
      json (>= 1.1.3)
      rdoc (~> 3.10)

PATH
  remote: .
  specs:
    actionmailer (3.2.19)
      actionpack (= 3.2.19)
      mail (~> 2.5.4)
    actionpack (3.2.19)
      activemodel (= 3.2.19)
      activesupport (= 3.2.19)
      builder (~> 3.2)
      erubis (~> 2.7.0)
      journey (~> 1.0.4)
      rack (~> 1.4.5)
      rack-cache (~> 1.2)
      rack-test (~> 0.6.1)
    activemodel (3.2.19)
      activesupport (= 3.2.19)
      builder (~> 3.2)
    activerecord (3.2.19)
      activemodel (= 3.2.19)
      activesupport (= 3.2.19)
      arel (~> 3.0.2)
      tzinfo (~> 0.3.29)
    activeresource (3.2.19)
      activemodel (= 3.2.19)
      activesupport (= 3.2.19)
    activesupport (3.2.19)
      i18n (~> 0.6, >= 0.6.4)
      multi_json (~> 1.0)
    rails (3.2.19)
      actionmailer (= 3.2.19)
      actionpack (= 3.2.19)
      activerecord (= 3.2.19)
      activeresource (= 3.2.19)
      activesupport (= 3.2.19)
      bundler (~> 1.0)
      railties (= 3.2.19)
    railties (3.2.19)
      actionpack (= 3.2.19)
      activesupport (= 3.2.19)
      rack-ssl (~> 1.3.2)
      rake (>= 0.8.7)
      rdoc (~> 3.4)
      thor (>= 0.14.6, < 2.0)

GEM
  remote: https://rubygems.org/
  specs:
    RedCloth (4.2.9)
    arel (3.0.3)
    bcrypt-ruby (3.0.1)
    benchmark-ips (1.2.0)
    builder (3.2.2)
    erubis (2.7.0)
    execjs (2.0.2)
    i18n (0.6.11)
    journey (1.0.4)
    jquery-rails (3.1.0)
      railties (>= 3.0, < 5.0)
      thor (>= 0.14, < 2.0)
    json (1.8.1)
    mail (2.5.4)
      mime-types (~> 1.16)
      treetop (~> 1.4.8)
    memcache-client (1.8.5)
    metaclass (0.0.4)
    mime-types (1.25.1)
    mocha (0.14.0)
      metaclass (~> 0.0.1)
    multi_json (1.10.1)
    mysql (2.9.1)
    mysql2 (0.3.15)
    nokogiri (1.5.11)
    pg (0.17.1)
    polyglot (0.3.5)
    rack (1.4.5)
    rack-cache (1.2)
      rack (>= 0.4)
    rack-ssl (1.3.4)
      rack
    rack-test (0.6.2)
      rack (>= 1.0)
    rake (10.2.2)
    rdoc (3.12.2)
      json (~> 1.4)
    sqlite3 (1.3.9)
    thor (0.19.1)
    treetop (1.4.15)
      polyglot
      polyglot (>= 0.3.1)
    tzinfo (0.3.41)
    uglifier (2.5.0)
      execjs (>= 0.3.0)
      json (>= 1.8.0)
    w3c_validators (1.2)
      json
      nokogiri
    yajl-ruby (1.2.0)

PLATFORMS
  ruby

DEPENDENCIES
  RedCloth (~> 4.2)
  arel
  bcrypt-ruby (~> 3.0.0)
  benchmark-ips
  execjs (< 2.1.0)
  journey
  jquery-rails
  memcache-client (>= 1.8.5)
  mocha (~> 0.14)
  mysql (>= 2.8.1)
  mysql2 (>= 0.3.10)
  nokogiri (>= 1.4.5, < 1.6)
  pg (>= 0.11.0)
  rails!
  rake (>= 0.8.7)
  sdoc!
  sqlite3 (~> 1.3.5)
  uglifier (>= 1.0.3)
  w3c_validators
  yajl-ruby
