PATH
  remote: .
  specs:
    vault-invoice-builder-client (0.0.7)
      excon
      multi_json
      yajl-ruby

GEM
  remote: https://rubygems.org/
  specs:
    byebug (11.0.1)
    coderay (1.1.2)
    excon (0.65.0)
    logfmt (0.0.8)
    method_source (0.9.2)
    mini_portile2 (2.4.0)
    minitest (5.11.3)
    multi_json (1.13.1)
    nokogiri (1.10.3)
      mini_portile2 (~> 2.4.0)
    pry (0.12.2)
      coderay (~> 1.1.0)
      method_source (~> 0.9.0)
    rack (2.0.7)
    rack-test (1.1.0)
      rack (>= 1.0, < 3)
    rake (12.3.3)
    rr (1.2.1)
    scrolls (0.9.0)
    vault-test-tools (1.0.0)
      logfmt
      minitest (~> 5.11)
      nokogiri
      rack-test (~> 1.1)
      rr
      scrolls (= 0.9)
    yajl-ruby (1.4.1)
    yard (0.9.20)

PLATFORMS
  ruby

DEPENDENCIES
  byebug
  multi_json
  pry
  rake
  rr
  vault-invoice-builder-client!
  vault-test-tools
  yard

BUNDLED WITH
   1.17.3
