GEM
  remote: http://rubygems.org/
  specs:
    builder (2.1.2)
    cinch (1.1.3)
    crack (0.1.8)
    hpricot (0.8.6)
    httparty (0.6.1)
      crack (= 0.1.8)
    jenkins (0.6.8)
      builder (~> 2.1.2)
      hpricot
      httparty (~> 0.6.1)
      json_pure (>= 1.5.1)
      term-ansicolor (>= 1.0.4)
      thor (~> 0.14.2)
    json_pure (1.6.5)
    lab (0.0.4)
      nokogiri
    librex (0.0.65)
    msfrpc-client (1.0.1)
      librex (>= 0.0.32)
      msgpack (>= 0.4.5)
    msgpack (0.4.6)
    nexpose (0.0.9)
      librex (>= 0.0.32)
      rex (>= 1.0.2)
    nokogiri (1.5.0)
    rex (1.0.2)
    term-ansicolor (1.0.7)
    thor (0.14.6)

PLATFORMS
  ruby

DEPENDENCIES
  cinch
  jenkins
  lab
  msfrpc-client
  nexpose
  nokogiri
