GEM
  remote: https://rubygems.org/
  specs:
    addressable (2.3.2)
    em-websocket (0.3.8)
      addressable (>= 2.1.1)
      eventmachine (>= 0.12.9)
    eventmachine (1.0.0)

PLATFORMS
  ruby

DEPENDENCIES
  em-websocket
  eventmachine
