GEM
  remote: https://rubygems.org/
  specs:
    backports (3.6.4)
    coderay (1.1.0)
    json (1.8.2)
    method_source (0.8.2)
    mime-types (2.4.3)
    multi_json (1.11.0)
    netrc (0.10.3)
    passenger (5.0.4)
      rack
      rake (>= 0.8.1)
    pry (0.10.1)
      coderay (~> 1.1.0)
      method_source (~> 0.8.1)
      slop (~> 3.4)
    rack (1.6.0)
    rack-protection (1.5.3)
      rack
    rack-test (0.6.3)
      rack (>= 1.0)
    rake (10.4.2)
    rest-client (1.7.3)
      mime-types (>= 1.16, < 3.0)
      netrc (~> 0.7)
    sinatra (1.4.5)
      rack (~> 1.4)
      rack-protection (~> 1.4)
      tilt (~> 1.3, >= 1.3.4)
    sinatra-contrib (1.4.2)
      backports (>= 2.0)
      multi_json
      rack-protection
      rack-test
      sinatra (~> 1.4.0)
      tilt (~> 1.3)
    slop (3.6.0)
    tilt (1.4.1)

PLATFORMS
  ruby

DEPENDENCIES
  json
  passenger
  pry
  rest-client
  sinatra
  sinatra-contrib
