PATH
  remote: .
  specs:
    featured (0.1)
      fog (~> 1.8)

GEM
  remote: http://rubygems.org/
  specs:
    builder (3.1.4)
    excon (0.16.10)
    fog (1.9.0)
      builder
      excon (~> 0.14)
      formatador (~> 0.2.0)
      mime-types
      multi_json (~> 1.0)
      net-scp (~> 1.0.4)
      net-ssh (>= 2.1.3)
      nokogiri (~> 1.5.0)
      ruby-hmac
    formatador (0.2.4)
    mime-types (1.21)
    multi_json (1.6.1)
    net-scp (1.0.6)
      net-ssh (>= 2.6.5)
    net-ssh (2.6.6)
    nokogiri (1.5.6)
    ruby-hmac (0.4.0)

PLATFORMS
  ruby

DEPENDENCIES
  featured!
