PATH
  remote: .
  specs:
    ci_status (1.0.0)
      nokogiri (~> 1.5)

GEM
  remote: http://rubygems.org/
  specs:
    addressable (2.3.2)
    crack (0.3.1)
    minitest (4.3.3)
    nokogiri (1.5.6)
    rake (10.0.2)
    webmock (1.9.0)
      addressable (>= 2.2.7)
      crack (>= 0.1.7)

PLATFORMS
  ruby

DEPENDENCIES
  bundler
  ci_status!
  minitest
  rake
  webmock
