PATH
  remote: .
  specs:
    msfrpc-client (1.1.1)
      msgpack (~> 1)

GEM
  remote: https://rubygems.org/
  specs:
    diff-lcs (1.3)
    msgpack (1.2.4)
    rake (12.3.1)
    rspec (3.7.0)
      rspec-core (~> 3.7.0)
      rspec-expectations (~> 3.7.0)
      rspec-mocks (~> 3.7.0)
    rspec-core (3.7.1)
      rspec-support (~> 3.7.0)
    rspec-expectations (3.7.0)
      diff-lcs (>= 1.2.0, < 2.0)
      rspec-support (~> 3.7.0)
    rspec-mocks (3.7.0)
      diff-lcs (>= 1.2.0, < 2.0)
      rspec-support (~> 3.7.0)
    rspec-support (3.7.1)

PLATFORMS
  ruby

DEPENDENCIES
  bundler (~> 1)
  msfrpc-client!
  rake (~> 12)
  rspec (~> 3)

BUNDLED WITH
   1.16.1
