GEM
  remote: http://rubygems.org/
  specs:
    addressable (2.2.8)
    dalli (1.1.5)
    diff-lcs (1.1.3)
    excon (0.13.4)
    fakeweb (1.3.0)
    heroku (2.26.1)
      heroku-api (~> 0.2.1)
      launchy (>= 0.3.2)
      netrc (~> 0.7.2)
      rest-client (~> 1.6.1)
      rubyzip
    heroku-api (0.2.1)
      excon (~> 0.13.3)
    launchy (2.1.0)
      addressable (~> 2.2.6)
    memcachier (0.0.2)
    metaclass (0.0.1)
    mime-types (1.17.2)
    mocha (0.11.4)
      metaclass (~> 0.0.1)
    netrc (0.7.2)
    rack (1.4.1)
    rack-protection (1.2.0)
      rack
    rake (0.9.2.2)
    rest-client (1.6.7)
      mime-types (>= 1.16)
    rspec (2.10.0)
      rspec-core (~> 2.10.0)
      rspec-expectations (~> 2.10.0)
      rspec-mocks (~> 2.10.0)
    rspec-core (2.10.1)
    rspec-expectations (2.10.0)
      diff-lcs (~> 1.1.3)
    rspec-mocks (2.10.1)
    rubyzip (0.9.8)
    sinatra (1.3.2)
      rack (~> 1.3, >= 1.3.6)
      rack-protection (~> 1.2)
      tilt (~> 1.3, >= 1.3.3)
    tilt (1.3.3)
    vcr (2.1.1)
    yajl-ruby (1.1.0)

PLATFORMS
  ruby

DEPENDENCIES
  dalli
  fakeweb
  heroku
  memcachier
  mocha
  rake
  rest-client
  rspec
  sinatra
  vcr
  yajl-ruby
