PATH
  remote: .
  specs:
    bwoken (2.0.0.beta.2)
      coffee-script-source
      colorful
      execjs
      json_pure
      rake
      slop

GEM
  remote: https://rubygems.org/
  specs:
    coffee-script-source (1.6.3)
    colorful (0.0.3)
    diff-lcs (1.2.1)
    execjs (2.0.1)
    ffi (1.0.11)
    guard (1.0.1)
      ffi (>= 0.5.0)
      thor (~> 0.14.6)
    guard-rspec (0.6.0)
      guard (>= 0.10.0)
    json_pure (1.8.0)
    rake (10.1.0)
    rspec (2.13.0)
      rspec-core (~> 2.13.0)
      rspec-expectations (~> 2.13.0)
      rspec-mocks (~> 2.13.0)
    rspec-core (2.13.0)
    rspec-expectations (2.13.0)
      diff-lcs (>= 1.1.3, < 2.0)
    rspec-mocks (2.13.0)
    slop (3.4.6)
    thor (0.14.6)

PLATFORMS
  ruby

DEPENDENCIES
  bwoken!
  guard-rspec
  rspec
