GEM
  remote: https://rubygems.org/
  specs:
    CFPropertyList (2.2.8)
    aws-sdk (2.2.0)
      aws-sdk-resources (= 2.2.0)
    aws-sdk-core (2.2.0)
      jmespath (~> 1.0)
    aws-sdk-resources (2.2.0)
      aws-sdk-core (= 2.2.0)
    facter (2.4.4)
      CFPropertyList (~> 2.2.6)
    jmespath (1.1.3)
    json (1.8.3)
    retriable (2.1.0)

PLATFORMS
  ruby

DEPENDENCIES
  aws-sdk
  facter
  json
  retriable

BUNDLED WITH
   1.11.2
