GEM
  remote: https://rubygems.org/
  specs:
    activesupport (5.1.4)
      concurrent-ruby (~> 1.0, >= 1.0.2)
      i18n (~> 0.7)
      minitest (~> 5.1)
      tzinfo (~> 1.1)
    addressable (2.5.2)
      public_suffix (>= 2.0.2, < 4.0)
    circuitbox (1.1.1)
      activesupport
      moneta
    coderay (1.1.2)
    concurrent-ruby (1.0.5)
    data-sink-client (0.2.0)
      excon (~> 0.55.0)
      faraday (> 0.10.0)
    dotenv (2.2.1)
    ethon (0.11.0)
      ffi (>= 1.3.0)
    excon (0.55.0)
    faraday (0.14.0)
      multipart-post (>= 1.2, < 3)
    faraday_middleware (0.12.2)
      faraday (>= 0.7.4, < 1.0)
    ffi (1.9.21)
    foreman (0.84.0)
      thor (~> 0.19.1)
    hashie (3.5.7)
    i18n (0.9.3)
      concurrent-ruby (~> 1.0)
    kgio (2.11.2)
    method_source (0.8.2)
    minitest (5.11.3)
    moneta (1.0.0)
    multipart-post (2.0.0)
    mustermann (1.0.2)
    newrelic_rpm (4.8.0.341)
    oj (2.18.5)
    pry (0.10.4)
      coderay (~> 1.1.0)
      method_source (~> 0.8.1)
      slop (~> 3.4)
    pry-nav (0.2.4)
      pry (>= 0.9.10, < 0.11.0)
    public_suffix (3.0.1)
    rack (2.0.4)
    rack-protection (2.0.1)
      rack
    raindrops (0.19.0)
    redis (4.0.1)
    redis-namespace (1.6.0)
      redis (>= 3.0.4)
    routemaster-client (3.2.0)
      faraday (>= 0.9.0)
      hashie
      oj (>= 2.17)
      typhoeus (~> 1.1)
      wisper (~> 1.6.1)
    routemaster-drain (3.4.0)
      addressable
      circuitbox
      concurrent-ruby
      faraday (>= 0.9.0)
      faraday_middleware
      hashie
      rack (>= 1.4.5)
      redis-namespace
      typhoeus (~> 1.1)
      wisper (~> 1.6.1)
    sinatra (2.0.1)
      mustermann (~> 1.0)
      rack (~> 2.0)
      rack-protection (= 2.0.1)
      tilt (~> 2.0)
    slop (3.6.0)
    thor (0.19.4)
    thread_safe (0.3.6)
    tilt (2.0.8)
    typhoeus (1.3.0)
      ethon (>= 0.9.0)
    tzinfo (1.2.5)
      thread_safe (~> 0.1)
    unicorn (5.4.0)
      kgio (~> 2.6)
      raindrops (~> 0.7)
    wisper (1.6.1)

PLATFORMS
  ruby

DEPENDENCIES
  concurrent-ruby
  data-sink-client
  dotenv
  foreman
  newrelic_rpm
  oj (~> 2.17)
  pry
  pry-nav
  routemaster-client
  routemaster-drain
  sinatra (~> 2.0.1)
  unicorn

RUBY VERSION
   ruby 2.5.0p0

BUNDLED WITH
   1.16.1
