GEM
  remote: https://rubygems.org/
  specs:
    chef-api (0.5.0)
      logify (~> 0.1)
      mime-types
    logify (0.2.0)
    mime-types (2.6.1)
    stove (3.2.7)
      chef-api (~> 0.5)
      logify (~> 0.2)

PLATFORMS
  ruby

DEPENDENCIES
  stove (= 3.2.7)
