PATH
  remote: .
  specs:
    rollbar_search_url (0.1.0)

GEM
  remote: https://rubygems.org/
  specs:
    minitest (5.7.0)
    rake (10.4.2)

PLATFORMS
  ruby

DEPENDENCIES
  bundler (~> 1.9)
  minitest
  rake (~> 10.0)
  rollbar_search_url!
