GIT
  remote: https://github.com/jamiew/vimeo_me2/
  revision: 539e59ca2235227b09b9ee9f80b94f40fc4d1f34
  specs:
    vimeo_me2 (1.1.2)
      httparty (~> 0.14.0)

GEM
  remote: https://rubygems.org/
  specs:
    dotenv (2.2.1)
    httparty (0.14.0)
      multi_xml (>= 0.5.2)
    multi_xml (0.6.0)
    mustermann (1.0.0)
    rack (2.0.3)
    rack-protection (2.0.0)
      rack
    redis (3.3.3)
    sinatra (2.0.0)
      mustermann (~> 1.0)
      rack (~> 2.0)
      rack-protection (= 2.0.0)
      tilt (~> 2.0)
    tilt (2.0.7)

PLATFORMS
  ruby

DEPENDENCIES
  dotenv
  redis
  sinatra
  vimeo_me2!

BUNDLED WITH
   1.15.0
