GIT
  remote: git://github.com/WeAreFarmGeek/diplomat.git
  revision: e64b0dec3b3616ded40bb64139a388dfc1a68232
  ref: e64b0dec3b3616ded40bb64139a388dfc1a68232
  specs:
    diplomat (1.1.0)
      faraday (~> 0.9)
      json

PATH
  remote: .
  specs:
    cassandra-utils (0.0.1)
      daemon_runner (~> 0.4)
      dogstatsd-ruby (~> 1.6)
      mixlib-shellout (~> 2.2)
      thor (~> 0.19)

GEM
  remote: https://rubygems.org/
  specs:
    daemon_runner (0.4.2)
      diplomat (~> 1.0)
      logging (~> 2.1)
      mixlib-shellout (~> 2.2)
      retryable (~> 2.0)
      rufus-scheduler (~> 3.2)
    dogstatsd-ruby (1.6.0)
    faraday (0.10.0)
      multipart-post (>= 1.2, < 3)
    json (2.0.2)
    little-plugger (1.1.4)
    logging (2.1.0)
      little-plugger (~> 1.1)
      multi_json (~> 1.10)
    minitest (5.9.0)
    mixlib-shellout (2.2.7)
    multi_json (1.12.1)
    multipart-post (2.0.0)
    rake (10.5.0)
    retryable (2.0.4)
    rufus-scheduler (3.2.2)
    thor (0.19.1)
    thor-scmversion (1.7.0)
      mixlib-shellout
      thor

PLATFORMS
  ruby

DEPENDENCIES
  bundler (~> 1.7)
  cassandra-utils!
  diplomat!
  minitest (~> 5.0)
  rake (~> 10.0)
  thor-scmversion (= 1.7.0)

BUNDLED WITH
   1.12.5
