PATH
  remote: .
  specs:
    logstash-output-application_insights (0.1.1)
      application_insights (>= 0.5.3)
      azure-core (= 0.1.2)
      azure-storage (= 0.10.1.preview)
      logstash-core (>= 2.0.0, < 3.0.0)

GEM
  remote: https://rubygems.org/
  specs:
    addressable (2.4.0)
    application_insights (0.5.3)
    azure-core (0.1.2)
      faraday (~> 0.9)
      faraday_middleware (~> 0.10)
      nokogiri (~> 1.6)
    azure-storage (0.10.1.preview)
      addressable (~> 2.3)
      azure-core (~> 0.1)
      faraday (~> 0.9)
      faraday_middleware (~> 0.10)
      json (~> 1.8)
      mime-types (~> 2.0)
      nokogiri (~> 1.6)
      systemu (~> 2.6)
      thor (~> 0.19)
      uuid (~> 2.0)
    cabin (0.8.1)
    clamp (0.6.5)
    coderay (1.1.1)
    concurrent-ruby (0.9.2-java)
    diff-lcs (1.2.5)
    faraday (0.9.2)
      multipart-post (>= 1.2, < 3)
    faraday_middleware (0.10.0)
      faraday (>= 0.7.4, < 0.10)
    ffi (1.9.10-java)
    filesize (0.0.4)
    fivemat (1.3.2)
    gem_publisher (1.5.0)
    gems (0.8.3)
    i18n (0.6.9)
    insist (1.0.0)
    jrjackson (0.3.9-java)
    jruby-openssl (0.9.13-java)
    json (1.8.3-java)
    kramdown (1.11.1)
    logstash-core (2.3.2-java)
      cabin (~> 0.8.0)
      clamp (~> 0.6.5)
      concurrent-ruby (= 0.9.2)
      filesize (= 0.0.4)
      gems (~> 0.8.3)
      i18n (= 0.6.9)
      jrjackson (~> 0.3.7)
      jruby-openssl (= 0.9.13)
      logstash-core-event (= 2.3.2)
      minitar (~> 0.5.4)
      pry (~> 0.10.1)
      rubyzip (~> 1.1.7)
      stud (~> 0.0.19)
      thread_safe (~> 0.3.5)
      treetop (< 1.5.0)
    logstash-core-event (2.3.2-java)
    logstash-devutils (0.0.22-java)
      fivemat
      gem_publisher
      insist (= 1.0.0)
      kramdown
      minitar
      rake
      rspec (~> 3.0)
      rspec-wait
      stud (>= 0.0.20)
    macaddr (1.7.1)
      systemu (~> 2.6.2)
    method_source (0.8.2)
    mime-types (2.99.2)
    minitar (0.5.4)
    multipart-post (2.0.0)
    nokogiri (1.6.7.2-java)
    polyglot (0.3.5)
    pry (0.10.3-java)
      coderay (~> 1.1.0)
      method_source (~> 0.8.1)
      slop (~> 3.4)
      spoon (~> 0.0)
    rake (11.1.2)
    rspec (3.4.0)
      rspec-core (~> 3.4.0)
      rspec-expectations (~> 3.4.0)
      rspec-mocks (~> 3.4.0)
    rspec-core (3.4.4)
      rspec-support (~> 3.4.0)
    rspec-expectations (3.4.0)
      diff-lcs (>= 1.2.0, < 2.0)
      rspec-support (~> 3.4.0)
    rspec-mocks (3.4.1)
      diff-lcs (>= 1.2.0, < 2.0)
      rspec-support (~> 3.4.0)
    rspec-support (3.4.1)
    rspec-wait (0.0.8)
      rspec (>= 2.11, < 3.5)
    rubyzip (1.1.7)
    slop (3.6.0)
    spoon (0.0.4)
      ffi
    stud (0.0.22)
    systemu (2.6.5)
    thor (0.19.1)
    thread_safe (0.3.5-java)
    treetop (1.4.15)
      polyglot
      polyglot (>= 0.3.1)
    uuid (2.3.8)
      macaddr (~> 1.0)

PLATFORMS
  java

DEPENDENCIES
  logstash-devutils
  logstash-output-application_insights!

BUNDLED WITH
   1.12.5
