GIT
  remote: https://github.com/github/statsd-ruby.git
  revision: 50d2966a079b896580519c19fb6442e728d971e6
  specs:
    statsd-ruby (0.3.0.github.3)

PATH
  remote: .
  specs:
    nugget (0.0.10)
      mixlib-cli
      mixlib-config
      mixlib-log
      thin
      turd
      yajl-ruby

GEM
  remote: https://rubygems.org/
  specs:
    daemons (1.1.9)
    dogstatsd-ruby (2.1.0)
    ethon (0.7.1)
      ffi (>= 1.3.0)
    eventmachine (1.0.9.1)
    failbot (1.0.0)
      yajl-ruby (~> 1.1)
    ffi (1.9.6)
    mixlib-cli (1.5.0)
    mixlib-config (2.1.0)
    mixlib-log (1.6.0)
    net-ssh (4.1.0)
    rack (1.6.2)
    rake (10.3.2)
    thin (1.6.3)
      daemons (~> 1.0, >= 1.0.9)
      eventmachine (~> 1.0)
      rack (~> 1.0)
    turd (0.0.7)
      net-ssh
      typhoeus
    typhoeus (0.6.9)
      ethon (>= 0.7.1)
    yajl-ruby (1.2.1)

PLATFORMS
  ruby

DEPENDENCIES
  bundler (~> 1.2)
  dogstatsd-ruby (~> 2.1.0)
  failbot
  nugget!
  rake
  statsd-ruby!
  turd!

BUNDLED WITH
   1.14.6
