GEM
  remote: http://rubygems.org/
  specs:
    SystemTimer (1.2.3)
    builder (3.0.0)
    ci_reporter (1.7.0)
      builder (>= 2.1.2)
    daemons (1.1.8)
    diff-lcs (1.1.3)
    eventmachine (0.12.11.cloudfoundry.3)
    json_pure (1.6.6)
    multi_json (1.2.0)
    nats (0.4.22)
      daemons (>= 1.1.4)
      eventmachine (>= 0.12.10)
      json_pure (>= 1.6.1)
      thin (>= 1.3.1)
    pg (0.13.2)
    posix-spawn (0.3.6)
    rack (1.4.1)
    rack-protection (1.2.0)
      rack
    rack-test (0.6.1)
      rack (>= 1.0)
    rake (0.9.2.2)
    rcov (1.0.0)
    rspec (2.9.0)
      rspec-core (~> 2.9.0)
      rspec-expectations (~> 2.9.0)
      rspec-mocks (~> 2.9.0)
    rspec-core (2.9.0)
    rspec-expectations (2.9.0)
      diff-lcs (~> 1.1.3)
    rspec-mocks (2.9.0)
    sequel (3.33.0)
    simplecov (0.6.1)
      multi_json (~> 1.0)
      simplecov-html (~> 0.5.3)
    simplecov-html (0.5.3)
    simplecov-rcov (0.2.3)
      simplecov (>= 0.4.1)
    sinatra (1.3.2)
      rack (~> 1.3, >= 1.3.6)
      rack-protection (~> 1.2)
      tilt (~> 1.3, >= 1.3.3)
    sqlite3 (1.3.5)
    thin (1.3.1)
      daemons (>= 1.0.9)
      eventmachine (>= 0.12.6)
      rack (>= 1.0.0)
    tilt (1.3.3)
    uuidtools (2.1.2)
    vcap_common (1.0.10)
      eventmachine (~> 0.12.11.cloudfoundry.3)
      nats (~> 0.4.22.beta.8)
      posix-spawn (~> 0.3.6)
      thin (~> 1.3.1)
      yajl-ruby (~> 0.8.3)
    vcap_logging (1.0.0)
      rake
    yajl-ruby (0.8.3)

PLATFORMS
  ruby

DEPENDENCIES
  SystemTimer
  ci_reporter
  eventmachine (~> 0.12.11.cloudfoundry.3)
  nats
  pg
  rack-test
  rake
  rcov
  rspec
  sequel
  simplecov
  simplecov-rcov
  sinatra
  sqlite3
  thin
  uuidtools
  vcap_common (= 1.0.10)
  vcap_logging
  yajl-ruby (~> 0.8.3)
