GEM
  remote: https://rubygems.org/
  specs:
    activesupport (4.2.0)
      i18n (~> 0.7)
      json (~> 1.7, >= 1.7.7)
      minitest (~> 5.1)
      thread_safe (~> 0.3, >= 0.3.4)
      tzinfo (~> 1.1)
    addressable (2.3.7)
    docusign_rest (0.1.1)
      json
      multipart-post (>= 1.2)
    dotenv (1.0.2)
    faraday (0.9.1)
      multipart-post (>= 1.2, < 3)
    i18n (0.7.0)
    json (1.8.2)
    mini_portile (0.6.2)
    minitest (5.5.1)
    multipart-post (2.0.0)
    nokogiri (1.6.6.1)
      mini_portile (~> 0.6.0)
    nokogiri (1.6.6.1-x64-mingw32)
      mini_portile (~> 0.6.0)
    nori (2.4.0)
    octokit (3.7.0)
      sawyer (~> 0.6.0, >= 0.5.3)
    pdfkit (0.6.2)
    pg (0.18.1)
    pg (0.18.1-x64-mingw32)
    puma (2.12.3)
      rack (>= 1.1, < 2.0)
    rack (1.6.0)
    rack-parser (0.6.1)
      rack
    rack-protection (1.5.3)
      rack
    rake (10.4.2)
    sawyer (0.6.0)
      addressable (~> 2.3.5)
      faraday (~> 0.8, < 0.10)
    sequel (4.19.0)
    sinatra (1.4.5)
      rack (~> 1.4)
      rack-protection (~> 1.4)
      tilt (~> 1.3, >= 1.3.4)
    sinatra-flash (0.3.0)
      sinatra (>= 1.0.0)
    sinatra-param (1.3.1)
      sinatra (~> 1.3)
    sinatra_auth_github (1.1.0)
      sinatra (~> 1.0)
      warden-github (~> 1.1.0)
    thread_safe (0.3.4)
    tilt (1.4.1)
    tzinfo (1.2.2)
      thread_safe (~> 0.1)
    warden (1.2.3)
      rack (>= 1.0)
    warden-github (1.1.1)
      activesupport (> 3.0)
      octokit (> 2.1.0)
      warden (> 1.0)

PLATFORMS
  ruby

DEPENDENCIES
  docusign_rest
  dotenv
  nokogiri
  nori
  pdfkit
  pg
  puma
  rack-parser
  rake
  sequel
  sinatra
  sinatra-flash
  sinatra-param
  sinatra_auth_github

BUNDLED WITH
   1.10.6
