GIT
  remote: git://github.com/CocoaPods/CocoaPods.git
  revision: 209588862d314850ca507cc222c380cce0069aaf
  branch: master
  specs:
    cocoapods (0.27.1)
      activesupport (>= 3.2.15, < 4)
      claide (~> 0.3.2)
      cocoapods-core (= 0.27.1)
      cocoapods-downloader (~> 0.2.0)
      colored (~> 1.2)
      escape (~> 0.0.4)
      json_pure (~> 1.8)
      open4 (~> 1.3)
      xcodeproj (~> 0.14.0)

GIT
  remote: git://github.com/CocoaPods/Core.git
  revision: 1add31b486f3f4969bc1bcedb24680adb5881641
  branch: master
  specs:
    cocoapods-core (0.27.1)
      activesupport (>= 3.2.15, < 4)
      json_pure (~> 1.8)
      nap (~> 0.5)

GIT
  remote: git://github.com/CocoaPods/Xcodeproj.git
  revision: ceae7a7be45e760830ee95a7b4481bdab6df149d
  branch: master
  specs:
    xcodeproj (0.14.1)
      activesupport (~> 3.0)
      colored (~> 1.2)
      rake

GEM
  remote: http://rubygems.org/
  specs:
    activesupport (3.2.15)
      i18n (~> 0.6, >= 0.6.4)
      multi_json (~> 1.0)
    claide (0.3.2)
    cocoapods-downloader (0.2.0)
    colored (1.2)
    escape (0.0.4)
    i18n (0.6.5)
    json_pure (1.8.1)
    multi_json (1.8.2)
    nap (0.5.1)
    open4 (1.3.0)
    rake (10.1.0)

PLATFORMS
  ruby

DEPENDENCIES
  cocoapods!
  cocoapods-core!
  rake
  xcodeproj!
