PATH
  remote: .
  specs:
    fech (1.8)
      ensure-encoding
      fastercsv
      people

GEM
  remote: http://rubygems.org/
  specs:
    byebug (4.0.4)
      columnize (= 0.9.0)
    columnize (0.9.0)
    diff-lcs (1.2.5)
    ensure-encoding (0.1)
    fastercsv (1.5.5)
    mocha (0.9.12)
    people (0.2.1)
    rake (0.8.7)
    rdoc (3.9.2)
    rspec (2.99.0)
      rspec-core (~> 2.99.0)
      rspec-expectations (~> 2.99.0)
      rspec-mocks (~> 2.99.0)
    rspec-core (2.99.2)
    rspec-expectations (2.99.2)
      diff-lcs (>= 1.1.3, < 2.0)
    rspec-mocks (2.99.3)
    yard (0.9.12)

PLATFORMS
  ruby

DEPENDENCIES
  bundler
  byebug
  fech!
  mocha
  rake
  rdoc
  rspec
  yard (~> 0.9, >= 0.9.11)

BUNDLED WITH
   1.14.5
